PATH
  remote: .
  specs:
    geckoboard-push (0.1.5)
      httparty (>= 0.13.0)

GEM
  remote: http://rubygems.org/
  specs:
    fakeweb (1.3.0)
    httparty (0.15.6)
      multi_xml (>= 0.5.2)
    metaclass (0.0.4)
    mocha (0.10.5)
      metaclass (~> 0.0.1)
    multi_xml (0.6.0)
    rake (12.3.0)
    rdoc (5.1.0)

PLATFORMS
  ruby

DEPENDENCIES
  fakeweb (~> 1.3.0)
  geckoboard-push!
  mocha (~> 0.10.0)
  rake
  rdoc

BUNDLED WITH
   1.15.2
